GEM
  remote: https://rubygems.org/
  specs:
    atomic (1.1.14)
    dotenv (0.9.0)
    faraday (0.8.8)
      multipart-post (~> 1.2.0)
    multi_json (1.8.2)
    multipart-post (1.2.0)
    rufus-scheduler (3.0.2)
      tzinfo
    simple_oauth (0.2.0)
    thread_safe (0.1.3)
      atomic
    twitter (4.8.1)
      faraday (~> 0.8, < 0.10)
      multi_json (~> 1.0)
      simple_oauth (~> 0.2)
    tzinfo (1.1.0)
      thread_safe (~> 0.1)

PLATFORMS
  ruby

DEPENDENCIES
  dotenv
  rufus-scheduler
  twitter
